GEM
  remote: https://rubygems.org/
  specs:
    mina (1.2.3)
      open4 (~> 1.3.4)
      rake
    mina-puma (1.1.0)
      mina (~> 1.2.0)
      puma (>= 2.13)
    mina-sidekiq (1.0.3)
      mina (>= 1.0.2)
    mina-whenever (1.0.1)
      mina (~> 1.0)
    open4 (1.3.4)
    puma (3.11.4)
    rake (12.3.1)

PLATFORMS
  ruby

DEPENDENCIES
  mina
  mina-puma
  mina-sidekiq
  mina-whenever

BUNDLED WITH
   1.16.1
